GEM
  remote: https://rubygems.org/
  specs:
    awesome_print (1.7.0)
    aws-sdk (2.3.13)
      aws-sdk-resources (= 2.3.13)
    aws-sdk-core (2.3.13)
      jmespath (~> 1.0)
    aws-sdk-resources (2.3.13)
      aws-sdk-core (= 2.3.13)
    byebug (9.0.5)
    jmespath (1.2.4)
      json_pure (>= 1.8.1)
    json_pure (1.8.3)
    rainbow (2.1.0)

PLATFORMS
  ruby

DEPENDENCIES
  awesome_print (~> 1.6)
  aws-sdk (~> 2)
  byebug
  rainbow (~> 2)

BUNDLED WITH
   1.10.6
